PATH
  remote: .
  specs:
    cabinet (0.2.1)
      fog (~> 0.8.2)

GEM
  remote: http://rubygems.org/
  specs:
    builder (3.0.0)
    chalofa_ruby-progressbar (0.0.9.1)
    diff-lcs (1.1.2)
    excon (0.6.3)
    fog (0.8.2)
      builder
      excon (~> 0.6.1)
      formatador (>= 0.1.3)
      json
      mime-types
      net-ssh (>= 2.1.3)
      nokogiri (>= 1.4.4)
      ruby-hmac
    forgery (0.3.6)
    formatador (0.1.4)
    fuubar (0.0.4)
      chalofa_ruby-progressbar (~> 0.0.9)
      rspec (~> 2.0)
      rspec-instafail (~> 0.1.4)
    json (1.5.1)
    mime-types (1.16)
    net-ssh (2.1.4)
    nokogiri (1.4.4)
    rspec (2.3.0)
      rspec-core (~> 2.3.0)
      rspec-expectations (~> 2.3.0)
      rspec-mocks (~> 2.3.0)
    rspec-core (2.3.1)
    rspec-expectations (2.3.0)
      diff-lcs (~> 1.1.2)
    rspec-instafail (0.1.7)
    rspec-mocks (2.3.0)
    ruby-hmac (0.4.0)

PLATFORMS
  ruby

DEPENDENCIES
  cabinet!
  fog (~> 0.8.2)
  forgery
  fuubar
  rspec (~> 2.3.0)
